GEM
  remote: https://rubygems.org/
  specs:
    coderay (1.0.6)
    diff-lcs (1.1.3)
    em-redis (0.3.0)
      eventmachine
    eventmachine (0.12.10)
    method_source (0.7.1)
    multi_json (1.3.5)
    pry (0.9.9.6)
      coderay (~> 1.0.5)
      method_source (~> 0.7.1)
      slop (>= 2.4.4, < 3)
    pry-em (0.2.1)
      eventmachine
      pry (> 0.9.8)
    rake (0.9.2.2)
    redis (2.2.2)
    rspec (2.10.0)
      rspec-core (~> 2.10.0)
      rspec-expectations (~> 2.10.0)
      rspec-mocks (~> 2.10.0)
    rspec-core (2.10.0)
    rspec-expectations (2.10.0)
      diff-lcs (~> 1.1.3)
    rspec-mocks (2.10.1)
    simplecov (0.6.4)
      multi_json (~> 1.0)
      simplecov-html (~> 0.5.3)
    simplecov-html (0.5.3)
    slop (2.4.4)

PLATFORMS
  ruby

DEPENDENCIES
  em-redis
  eventmachine
  pry
  pry-em
  rake
  redis
  rspec
  simplecov
